GEM
  remote: https://rubygems.org/
  specs:
    activesupport (4.2.11.3)
      i18n (~> 0.7)
      minitest (~> 5.1)
      thread_safe (~> 0.3, >= 0.3.4)
      tzinfo (~> 1.1)
    addressable (2.8.4)
      public_suffix (>= 2.0.2, < 6.0)
    colorator (1.1.0)
    concurrent-ruby (1.2.2)
    faraday (2.7.10)
      faraday-net_http (>= 2.0, < 3.1)
      ruby2_keywords (>= 0.0.4)
    faraday-net_http (3.0.2)
    ffi (1.9.24)
    ffi (1.9.24-x64-mingw32)
    forwardable-extended (2.6.0)
    html-pipeline (2.14.3)
      activesupport (>= 2)
      nokogiri (>= 1.4)
    i18n (0.9.5)
      concurrent-ruby (~> 1.0)
    jekyll (3.6.3)
      colorator (~> 1.0)
      jekyll-sass-converter (~> 1.0)
      jekyll-watch (~> 1.1)
      kramdown (~> 1.3)
      liquid (~> 3.0)
      mercenary (~> 0.3.3)
      pathutil (~> 0.9)
      rouge (~> 1.7)
      safe_yaml (~> 1.0)
    jekyll-feed (0.7.2)
    jekyll-gist (1.5.0)
      octokit (~> 4.2)
    jekyll-mentions (1.2.0)
      activesupport (~> 4.0)
      html-pipeline (~> 2.3)
      jekyll (~> 3.0)
    jekyll-sass-converter (1.5.2)
      sass (~> 3.4)
    jekyll-sitemap (0.11.0)
      addressable (~> 2.8.0)
    jekyll-watch (1.5.1)
      listen (~> 3.0)
    kramdown (1.17.0)
    liquid (3.0.6)
    listen (3.1.5)
      rb-fsevent (~> 0.9, >= 0.9.4)
      rb-inotify (~> 0.9, >= 0.9.7)
      ruby_dep (~> 1.2)
    mercenary (0.3.6)
    mini_portile (0.6.2)
    minitest (5.18.1)
    nokogiri (1.6.6.4)
      mini_portile (~> 0.6.0)
    nokogiri (1.6.6.4-x64-mingw32)
      mini_portile (~> 0.6.0)
    octokit (4.25.1)
      faraday (>= 1, < 3)
      sawyer (~> 0.9)
    pathutil (0.16.1)
      forwardable-extended (~> 2.6)
    public_suffix (5.0.3)
    rb-fsevent (0.10.2)
    rb-inotify (0.9.10)
      ffi (>= 0.5.0, < 2)
    rouge (1.11.1)
    ruby2_keywords (0.0.5)
    ruby_dep (1.5.0)
    safe_yaml (1.0.4)
    sass (3.5.5)
      sass-listen (~> 4.0.0)
    sass-listen (4.0.0)
      rb-fsevent (~> 0.9, >= 0.9.4)
      rb-inotify (~> 0.9, >= 0.9.7)
    sawyer (0.9.2)
      addressable (>= 2.3.5)
      faraday (>= 0.17.3, < 3)
    thread_safe (0.3.6)
    tzinfo (1.2.11)
      thread_safe (~> 0.1)

PLATFORMS
  ruby
  x64-mingw32

DEPENDENCIES
  jekyll (~> 3.6.3)
  jekyll-feed
  jekyll-gist
  jekyll-mentions
  jekyll-sitemap

BUNDLED WITH
   1.16.1
